PATH
  remote: .
  specs:
    potion (0.0.1)
      bundler (>= 1.0.0)
      commander (>= 4.1.3)
      haml (>= 4.0.0)

GEM
  remote: https://rubygems.org/
  specs:
    commander (4.1.3)
      highline (~> 1.6.11)
    diff-lcs (1.2.1)
    haml (4.0.0)
      tilt
    highline (1.6.15)
    rake (10.0.3)
    rspec (2.13.0)
      rspec-core (~> 2.13.0)
      rspec-expectations (~> 2.13.0)
      rspec-mocks (~> 2.13.0)
    rspec-core (2.13.0)
    rspec-expectations (2.13.0)
      diff-lcs (>= 1.1.3, < 2.0)
    rspec-mocks (2.13.0)
    tilt (1.3.4)

PLATFORMS
  ruby

DEPENDENCIES
  potion!
  rake
  rspec (~> 2)
